GIT
  remote: git://github.com/jongilbraith/simple-private-messages.git
  revision: adf783407d924d3d94f33ec50912c65f8cdf5770
  specs:
    simple-private-messages (0.0.0)

GEM
  remote: https://rubygems.org/
  specs:
    RedCloth (4.2.9)
    actionmailer (3.2.2.rc1)
      actionpack (= 3.2.2.rc1)
      mail (~> 2.4.0)
    actionpack (3.2.2.rc1)
      activemodel (= 3.2.2.rc1)
      activesupport (= 3.2.2.rc1)
      builder (~> 3.0.0)
      erubis (~> 2.7.0)
      journey (~> 1.0.1)
      rack (~> 1.4.0)
      rack-cache (~> 1.1)
      rack-test (~> 0.6.1)
      sprockets (~> 2.1.2)
    activemodel (3.2.2.rc1)
      activesupport (= 3.2.2.rc1)
      builder (~> 3.0.0)
    activerecord (3.2.2.rc1)
      activemodel (= 3.2.2.rc1)
      activesupport (= 3.2.2.rc1)
      arel (~> 3.0.2)
      tzinfo (~> 0.3.29)
    activeresource (3.2.2.rc1)
      activemodel (= 3.2.2.rc1)
      activesupport (= 3.2.2.rc1)
    activesupport (3.2.2.rc1)
      i18n (~> 0.6)
      multi_json (~> 1.0)
    addressable (2.3.2)
    airbrake (3.1.6)
      builder
      girl_friday
    annotate (2.5.0)
      rake
    arel (3.0.2)
    aws-s3 (0.6.3)
      builder
      mime-types
      xml-simple
    bcrypt-ruby (3.0.1)
    best_in_place (2.0.1)
      jquery-rails
      rails (~> 3.1)
    builder (3.0.4)
    capybara (2.0.0)
      mime-types (>= 1.16)
      nokogiri (>= 1.3.3)
      rack (>= 1.0.0)
      rack-test (>= 0.5.4)
      selenium-webdriver (~> 2.0)
      xpath (~> 1.0.0)
    carrierwave (0.7.1)
      activemodel (>= 3.2.0)
      activesupport (>= 3.2.0)
    childprocess (0.3.6)
      ffi (~> 1.0, >= 1.0.6)
    coffee-rails (3.2.2)
      coffee-script (>= 2.2.0)
      railties (~> 3.2.0)
    coffee-script (2.2.0)
      coffee-script-source
      execjs
    coffee-script-source (1.4.0)
    connection_pool (0.9.2)
    crack (0.3.1)
    cucumber (1.2.1)
      builder (>= 2.1.2)
      diff-lcs (>= 1.1.3)
      gherkin (~> 2.11.0)
      json (>= 1.4.6)
    cucumber-rails (1.3.0)
      capybara (>= 1.1.2)
      cucumber (>= 1.1.8)
      nokogiri (>= 1.5.0)
    daemons (1.1.9)
    database_cleaner (0.9.1)
    delayed_job (3.0.4)
      activesupport (~> 3.0)
    delayed_job_active_record (0.3.3)
      activerecord (>= 2.1.0, < 4)
      delayed_job (~> 3.0)
    devise (2.1.2)
      bcrypt-ruby (~> 3.0)
      orm_adapter (~> 0.1)
      railties (~> 3.1)
      warden (~> 1.2.1)
    devise_invitable (1.1.2)
      actionmailer (~> 3.0)
      devise (>= 2.1.0)
      railties (~> 3.0)
    diff-lcs (1.1.3)
    erubis (2.7.0)
    eventmachine (1.0.0)
    excon (0.16.10)
    execjs (1.4.0)
      multi_json (~> 1.0)
    ffi (1.1.5)
    fog (1.7.0)
      builder
      excon (~> 0.14)
      formatador (~> 0.2.0)
      mime-types
      multi_json (~> 1.0)
      net-scp (~> 1.0.4)
      net-ssh (>= 2.1.3)
      nokogiri (~> 1.5.0)
      ruby-hmac
    formatador (0.2.4)
    galetahub-simple_captcha (0.1.3)
    gherkin (2.11.5)
      json (>= 1.4.6)
    girl_friday (0.11.1)
      connection_pool (~> 0.9.0)
      rubinius-actor
    google-analytics-rails (0.0.3)
    google_visualr (2.1.5)
    heroku (2.33.1)
      heroku-api (~> 0.3.6)
      launchy (>= 0.3.2)
      netrc (~> 0.7.7)
      rest-client (~> 1.6.1)
      rubyzip
    heroku-api (0.3.6)
      excon (~> 0.16.7)
    hike (1.2.1)
    i18n (0.6.1)
    journey (1.0.4)
    jquery-rails (2.1.3)
      railties (>= 3.1.0, < 5.0)
      thor (~> 0.14)
    json (1.7.5)
    launchy (2.1.2)
      addressable (~> 2.3)
    libwebsocket (0.1.6)
      websocket
    mad_mimi_mailer (0.2.0)
      actionmailer (>= 3.0.0)
      madmimi
      rake
    madmimi (1.0.15)
      crack (> 0.1.7)
    mail (2.4.4)
      i18n (>= 0.4.0)
      mime-types (~> 1.16)
      treetop (~> 1.4.8)
    mime-types (1.19)
    mini_magick (3.4)
      subexec (~> 0.2.1)
    multi_json (1.3.7)
    net-scp (1.0.4)
      net-ssh (>= 1.99.1)
    net-ssh (2.6.1)
    netrc (0.7.7)
    nokogiri (1.5.5)
    orm_adapter (0.4.0)
    pg (0.14.1)
    polyglot (0.3.3)
    pr_geohash (1.0.0)
    profanalyzer (1.2.0)
    profanity_filter (0.1.1)
    rack (1.4.1)
    rack-cache (1.2)
      rack (>= 0.4)
    rack-ssl (1.3.2)
      rack
    rack-test (0.6.2)
      rack (>= 1.0)
    rails (3.2.2.rc1)
      actionmailer (= 3.2.2.rc1)
      actionpack (= 3.2.2.rc1)
      activerecord (= 3.2.2.rc1)
      activeresource (= 3.2.2.rc1)
      activesupport (= 3.2.2.rc1)
      bundler (~> 1.0)
      railties (= 3.2.2.rc1)
    railties (3.2.2.rc1)
      actionpack (= 3.2.2.rc1)
      activesupport (= 3.2.2.rc1)
      rack-ssl (~> 1.3.2)
      rake (>= 0.8.7)
      rdoc (~> 3.4)
      thor (~> 0.14.6)
    rake (10.0.1)
    rdoc (3.12)
      json (~> 1.4)
    rest-client (1.6.7)
      mime-types (>= 1.16)
    rsolr (1.0.8)
      builder (>= 2.1.2)
    rspec-core (2.12.0)
    rspec-expectations (2.12.0)
      diff-lcs (~> 1.1.3)
    rspec-mocks (2.12.0)
    rspec-rails (2.12.0)
      actionpack (>= 3.0)
      activesupport (>= 3.0)
      railties (>= 3.0)
      rspec-core (~> 2.12.0)
      rspec-expectations (~> 2.12.0)
      rspec-mocks (~> 2.12.0)
    rubinius-actor (0.0.2)
      rubinius-core-api
    rubinius-core-api (0.0.1)
    ruby-hmac (0.4.0)
    rubyzip (0.9.9)
    sass (3.2.3)
    sass-rails (3.2.5)
      railties (~> 3.2.0)
      sass (>= 3.1.10)
      tilt (~> 1.3)
    seed_dump (0.4.1)
    selenium-webdriver (2.26.0)
      childprocess (>= 0.2.5)
      libwebsocket (~> 0.1.3)
      multi_json (~> 1.0)
      rubyzip
    sprockets (2.1.3)
      hike (~> 1.2)
      rack (~> 1.0)
      tilt (~> 1.1, != 1.3.0)
    sqlite3 (1.3.6)
    sqlite3-ruby (1.3.3)
      sqlite3 (>= 1.3.3)
    subexec (0.2.2)
    sunspot (2.0.0.pre.120925)
      pr_geohash (~> 1.0)
      rsolr (~> 1.0.7)
    sunspot_rails (2.0.0.pre.120925)
      nokogiri
      sunspot (= 2.0.0.pre.120925)
    thin (1.5.0)
      daemons (>= 1.0.9)
      eventmachine (>= 0.12.6)
      rack (>= 1.0.0)
    thor (0.14.6)
    tilt (1.3.3)
    treetop (1.4.12)
      polyglot
      polyglot (>= 0.3.1)
    tzinfo (0.3.35)
    uglifier (1.3.0)
      execjs (>= 0.3.0)
      multi_json (~> 1.0, >= 1.0.2)
    warden (1.2.1)
      rack (>= 1.0)
    webrat (0.7.3)
      nokogiri (>= 1.2.0)
      rack (>= 1.0)
      rack-test (>= 0.5.3)
    websocket (1.0.2)
    will_paginate (3.0.3)
    xml-simple (1.1.2)
    xpath (1.0.0)
      nokogiri (~> 1.3)
    yard (0.8.3)

PLATFORMS
  ruby

DEPENDENCIES
  RedCloth
  airbrake
  annotate
  aws-s3
  bcrypt-ruby
  best_in_place
  carrierwave
  coffee-rails (~> 3.2.1)
  cucumber-rails
  database_cleaner
  delayed_job_active_record
  devise
  devise_invitable
  fog
  galetahub-simple_captcha
  google-analytics-rails
  google_visualr (~> 2.1.0)
  heroku
  jquery-rails
  mad_mimi_mailer
  madmimi
  mini_magick
  pg
  profanalyzer
  profanity_filter
  rails (= 3.2.2.rc1)
  railties
  rspec-rails
  sass-rails (~> 3.2.3)
  seed_dump
  simple-private-messages (= 0.0.0)!
  sqlite3-ruby
  sunspot_rails (~> 2.0.0.pre.111215)
  thin
  uglifier (>= 1.0.3)
  webrat
  will_paginate
  yard
